GEM
  remote: https://rubygems.org/
  specs:
    diff-lcs (1.5.0)
    forwardable (1.3.2)
    prime (0.1.2)
      forwardable
      singleton
    rspec (3.12.0)
      rspec-core (~> 3.12.0)
      rspec-expectations (~> 3.12.0)
      rspec-mocks (~> 3.12.0)
    rspec-core (3.12.0)
      rspec-support (~> 3.12.0)
    rspec-expectations (3.12.0)
      diff-lcs (>= 1.2.0, < 2.0)
      rspec-support (~> 3.12.0)
    rspec-mocks (3.12.0)
      diff-lcs (>= 1.2.0, < 2.0)
      rspec-support (~> 3.12.0)
    rspec-support (3.12.0)
    singleton (0.1.1)

PLATFORMS
  x64-mingw-ucrt

DEPENDENCIES
  prime
  rspec

BUNDLED WITH
   2.3.7
